PATH
  remote: .
  specs:
    rosace (0.1.0)
      csv (~> 3.1)
      rattler (~> 0.6)

GEM
  remote: https://rubygems.org/
  specs:
    csv (3.2.0)
    docile (1.4.0)
    rake (13.0.6)
    rattler (0.6.0)
    simplecov (0.21.2)
      docile (~> 1.1)
      simplecov-html (~> 0.11)
      simplecov_json_formatter (~> 0.1)
    simplecov-html (0.12.3)
    simplecov_json_formatter (0.1.3)

PLATFORMS
  x86_64-linux

DEPENDENCIES
  rake (~> 13.0)
  rosace!
  simplecov (~> 0.21)

BUNDLED WITH
   2.2.27
