PATH
  remote: .
  specs:
    rosace (0.1.0)
      csv (~> 3.1)
      rattler (~> 0.6)

GEM
  remote: https://rubygems.org/
  specs:
    csv (3.2.0)
    rake (13.0.6)
    rattler (0.6.0)

PLATFORMS
  x86_64-linux

DEPENDENCIES
  rake (~> 13.0)
  rosace!

BUNDLED WITH
   2.2.27
